GEM
  remote: https://rubygems.org/
  specs:
    nio4r (2.5.7)
    puma (5.3.2)
      nio4r (~> 2.0)
    rack (2.2.3)
    sqlite3 (1.4.2)

PLATFORMS
  arm64-darwin-20

DEPENDENCIES
  puma
  rack
  sqlite3

BUNDLED WITH
   2.2.20
